NUGET
  remote: https://nuget.org/api/v2
  specs:
    DevILSharp (0.0.10)
    FAKE (4.1.4)
    FSharp.Compiler.Service (1.4.0.1)
    FSharp.Formatting (2.8.0)
      FSharp.Compiler.Service (>= 0.0.86)
      FSharpVSPowerTools.Core (>= 1.7.0)
    FSharpVSPowerTools.Core (1.7.0)
      FSharp.Compiler.Service (>= 0.0.81)
    Magick.NET-Q16-AnyCPU (7.0.0.17)
    Microsoft.Bcl (1.1.10)
      Microsoft.Bcl.Build (>= 1.0.14)
    Microsoft.Bcl.Build (1.0.21)
    Microsoft.Net.Http (2.2.29)
      Microsoft.Bcl (>= 1.1.10)
      Microsoft.Bcl.Build (>= 1.0.14)
    NUnit (2.6.4)
    NUnit.Runners (2.6.4)
    Octokit (0.14.0)
      Microsoft.Net.Http
    PerfUtil (0.1.8)
    SourceLink.Fake (1.0.0)
    VVVV.FreeImage (3.15.1.1)
GITHUB
  remote: fsharp/FAKE
  specs:
    modules/Octokit/Octokit.fsx (56f47d2c0b59f9835c7339bd9a92d3e983ff6f93)
      Octokit
  remote: ftrvxmtrx/tga
