NUGET
  remote: https://nuget.org/api/v2
  specs:
    DevILSharp (0.0.5)
    FAKE (3.28.7)
    FSharp.Compiler.Service (0.0.89)
    FSharp.Formatting (2.8.0)
      FSharp.Compiler.Service (>= 0.0.86)
      FSharpVSPowerTools.Core (>= 1.7.0)
    FSharpVSPowerTools.Core (1.7.0)
      FSharp.Compiler.Service (>= 0.0.81)
    Magick.NET-Q16-AnyCPU (7.0.0.0013)
    Microsoft.Bcl (1.1.10)
      Microsoft.Bcl.Build (>= 1.0.14)
    Microsoft.Bcl.Build (1.0.21)
    Microsoft.Net.Http (2.2.29)
      Microsoft.Bcl (>= 1.1.10)
      Microsoft.Bcl.Build (>= 1.0.14)
    NUnit (2.6.4)
    NUnit.Runners (2.6.4)
    Octokit (0.10.0)
      Microsoft.Net.Http
    SimpleSpeedTester (1.1.0)
    SourceLink.Fake (0.5.0)
GITHUB
  remote: fsharp/FAKE
  specs:
    modules/Octokit/Octokit.fsx (14d903b5dff6f4818227c0ff80c66b806d9e17c2)
      Octokit
  remote: DigitalDollhouse/SimsPackCleanInstaller
  specs:
    TargaImage/TargaImage.cs (428217f21824503dca205c921d3a5320436d18bb)
  remote: ftrvxmtrx/tga
  specs:
    testdata/rgb24_top_left.tga (022d57dd0b6581766a0d0fdeba09994b61fe70c5)
  remote: MemFusion/memfusion_prototype
  specs:
    MFUtil/GroupWhen.fs (2fa58dce15d96f7ec0793f2ffd3b0e5e1f377d1b)